GEM
  remote: https://rubygems.org/
  specs:
    activesupport (3.1.12)
      multi_json (~> 1.0)
    byebug (1.6.1)
      columnize (~> 0.3.6)
      debugger-linecache (~> 1.2.0)
    columnize (0.3.6)
    daemon-kit (0.2.3)
      eventmachine (>= 0.12.10)
      i18n
      rubigen
      safely (>= 0.3.1)
      thor
    debugger-linecache (1.2.0)
    diff-lcs (1.2.4)
    eventmachine (1.0.3)
    i18n (0.6.5)
    json (1.8.0)
    multi_json (1.7.9)
    net-http-persistent (2.9)
    rake (10.1.0)
    rspec (2.14.1)
      rspec-core (~> 2.14.0)
      rspec-expectations (~> 2.14.0)
      rspec-mocks (~> 2.14.0)
    rspec-core (2.14.5)
    rspec-expectations (2.14.2)
      diff-lcs (>= 1.1.3, < 2.0)
    rspec-mocks (2.14.3)
    rubigen (1.5.8)
      activesupport (>= 2.3.5, < 3.2.0)
    safely (0.3.2)
    snooby (0.1.5)
      json
      net-http-persistent (>= 2.5)
    thor (0.18.1)

PLATFORMS
  ruby

DEPENDENCIES
  byebug
  daemon-kit
  rake
  rspec
  safely
  snooby
